PATH
  remote: .
  specs:
    darksky_cli_app (0.1.0)

GEM
  remote: https://rubygems.org/
  specs:
    rake (10.5.0)

PLATFORMS
  ruby

DEPENDENCIES
  bundler (~> 1.13)
  darksky_cli_app!
  rake (~> 10.0)

BUNDLED WITH
   1.13.3
